GEM
  remote: https://rubygems.org/
  specs:
    awesome_print (1.7.0)
    builder (3.2.2)
    jwt (1.5.6)
    multi_json (1.12.1)
    thor (0.19.1)
    twilio-ruby (4.13.0)
      builder (>= 2.1.2)
      jwt (~> 1.0)
      multi_json (>= 1.3.0)

PLATFORMS
  ruby

DEPENDENCIES
  awesome_print
  thor
  twilio-ruby

BUNDLED WITH
   1.10.6
